GEM
  remote: https://rubygems.org/
  specs:
    addressable (2.6.0)
      public_suffix (>= 2.0.2, < 4.0)
    ast (2.4.0)
    autoparse (0.3.3)
      addressable (>= 2.3.1)
      extlib (>= 0.9.15)
      multi_json (>= 1.0.0)
    coderay (1.1.3)
    csv (3.2.5)
    diff-lcs (1.5.0)
    dotenv (2.7.5)
    extlib (0.9.16)
    faraday (0.15.4)
      multipart-post (>= 1.2, < 3)
    google-api-client (0.7.1)
      addressable (>= 2.3.2)
      autoparse (>= 0.3.3)
      extlib (>= 0.9.15)
      faraday (>= 0.9.0)
      jwt (>= 0.1.5)
      launchy (>= 2.1.1)
      multi_json (>= 1.0.0)
      retriable (>= 1.4)
      signet (>= 0.5.0)
      uuidtools (>= 2.1.0)
    google_drive (1.0.6)
      google-api-client (>= 0.7.0, < 0.9)
      nokogiri (>= 1.4.4, != 1.5.2, != 1.5.1)
      oauth (>= 0.3.6)
      oauth2 (>= 0.5.0)
    hashie (5.0.0)
    jaro_winkler (1.5.3)
    json (2.6.2)
    jwt (2.2.1)
    launchy (2.4.3)
      addressable (~> 2.3)
    method_source (0.9.2)
    mini_portile2 (2.8.0)
    multi_json (1.13.1)
    multi_xml (0.6.0)
    multipart-post (2.1.1)
    nokogiri (1.13.9)
      mini_portile2 (~> 2.8.0)
      racc (~> 1.4)
    oauth (1.1.0)
      oauth-tty (~> 1.0, >= 1.0.1)
      snaky_hash (~> 2.0)
      version_gem (~> 1.1)
    oauth-tty (1.0.5)
      version_gem (~> 1.1, >= 1.1.1)
    oauth2 (1.4.8)
      faraday (>= 0.8, < 3.0)
      jwt (>= 1.0, < 3.0)
      multi_json (~> 1.3)
      multi_xml (~> 0.5)
      rack (>= 1.2, < 3)
    parallel (1.22.1)
    parser (2.6.3.0)
      ast (~> 2.4.0)
    powerpack (0.1.2)
    pry (0.12.2)
      coderay (~> 1.1.0)
      method_source (~> 0.9.0)
    public_suffix (3.1.1)
    racc (1.6.0)
    rack (2.2.4)
    rainbow (3.0.0)
    retriable (3.1.2)
    rspec (3.8.0)
      rspec-core (~> 3.8.0)
      rspec-expectations (~> 3.8.0)
      rspec-mocks (~> 3.8.0)
    rspec-core (3.8.2)
      rspec-support (~> 3.8.0)
    rspec-expectations (3.8.6)
      diff-lcs (>= 1.2.0, < 2.0)
      rspec-support (~> 3.8.0)
    rspec-mocks (3.8.1)
      diff-lcs (>= 1.2.0, < 2.0)
      rspec-support (~> 3.8.0)
    rspec-support (3.8.2)
    rubocop (0.57.2)
      jaro_winkler (~> 1.5.1)
      parallel (~> 1.10)
      parser (>= 2.5)
      powerpack (~> 0.1)
      rainbow (>= 2.2.2, < 4.0)
      ruby-progressbar (~> 1.7)
      unicode-display_width (~> 1.0, >= 1.0.1)
    ruby-progressbar (1.10.1)
    signet (0.11.0)
      addressable (~> 2.3)
      faraday (~> 0.9)
      jwt (>= 1.5, < 3.0)
      multi_json (~> 1.10)
    snaky_hash (2.0.1)
      hashie
      version_gem (~> 1.1, >= 1.1.1)
    unicode-display_width (1.6.0)
    uuidtools (2.2.0)
    version_gem (1.1.1)

PLATFORMS
  ruby

DEPENDENCIES
  csv
  dotenv
  google_drive
  json
  launchy
  nokogiri
  pry
  rspec
  rubocop (~> 0.57.2)

BUNDLED WITH
   2.0.2
